GEM
  remote: http://rubygems.org/
  specs:
    BlueCloth (1.0.1)
    RedCloth (4.2.3)
    haml (3.0.23)
    libxml-ruby (1.1.4)
    mocha (0.9.9)
      rake
    polyglot (0.3.1)
    rack (1.2.1)
    rake (0.8.7)
    ratom (0.6.7)
      libxml-ruby (>= 1.1.2)
    shoulda (2.11.3)
    soup (1.0.0)
    treetop (1.4.8)
      polyglot (>= 0.3.1)
    warden (1.0.2)
      rack (>= 1.0.0)

PLATFORMS
  ruby

DEPENDENCIES
  BlueCloth (>= 1.0.0)
  RedCloth (>= 4.1.1)
  haml
  mocha
  rack
  ratom
  shoulda
  soup (>= 1.0.0)
  treetop (>= 1.4.1)
  warden
